PATH
  remote: .
  specs:
    slimer (0.1.0)
      rack (~> 2.0)
      rake (~> 13.0)
      sequel (>= 5.40)
      sidekiq (>= 6.1)

GEM
  remote: https://rubygems.org/
  specs:
    ast (2.4.1)
    connection_pool (2.2.5)
    gem-release (2.2.0)
    minitest (5.14.3)
    minitest-stub-const (0.6)
    parallel (1.20.1)
    parser (3.0.0.0)
      ast (~> 2.4.1)
    rack (2.2.3)
    rack-test (1.1.0)
      rack (>= 1.0, < 3)
    rainbow (3.0.0)
    rake (13.0.3)
    redis (4.4.0)
    regexp_parser (2.0.3)
    rexml (3.2.4)
    rubocop (1.8.1)
      parallel (~> 1.10)
      parser (>= 3.0.0.0)
      rainbow (>= 2.2.2, < 4.0)
      regexp_parser (>= 1.8, < 3.0)
      rexml
      rubocop-ast (>= 1.2.0, < 2.0)
      ruby-progressbar (~> 1.7)
      unicode-display_width (>= 1.4.0, < 3.0)
    rubocop-ast (1.4.0)
      parser (>= 2.7.1.5)
    rubocop-minitest (0.10.3)
      rubocop (>= 0.87, < 2.0)
    rubocop-performance (1.9.2)
      rubocop (>= 0.90.0, < 2.0)
      rubocop-ast (>= 0.4.0)
    rubocop-rake (0.5.1)
      rubocop
    rubocop-rspec (2.1.0)
      rubocop (~> 1.0)
      rubocop-ast (>= 1.1.0)
    ruby-progressbar (1.11.0)
    sequel (5.40.0)
    sidekiq (6.2.2)
      connection_pool (>= 2.2.2)
      rack (~> 2.0)
      redis (>= 4.2.0)
    sqlite3 (1.4.2)
    unicode-display_width (2.0.0)

PLATFORMS
  x86_64-darwin-20
  x86_64-linux

DEPENDENCIES
  gem-release
  minitest (~> 5.0)
  minitest-stub-const
  rack-test
  rake (~> 13.0)
  rubocop (~> 1.8)
  rubocop-minitest
  rubocop-performance
  rubocop-rake
  rubocop-rspec
  slimer!
  sqlite3

BUNDLED WITH
   2.2.3
