PATH
  remote: ../..
  specs:
    slimer (0.1.0)
      rack (~> 2.0)
      rake (~> 13.0)
      sequel (>= 5.40)
      sidekiq (>= 6.1)

GEM
  remote: https://rubygems.org/
  specs:
    connection_pool (2.2.3)
    nio4r (2.5.4)
    pg (1.2.3)
    puma (5.1.1)
      nio4r (~> 2.0)
    rack (2.2.3)
    rake (13.0.3)
    redis (4.2.5)
    sequel (5.40.0)
    sidekiq (6.1.2)
      connection_pool (>= 2.2.2)
      rack (~> 2.0)
      redis (>= 4.2.0)

PLATFORMS
  x86_64-darwin-20

DEPENDENCIES
  pg (~> 1.2)
  puma
  slimer!

BUNDLED WITH
   2.2.4
